{
	"ECGChannelCount": 0,
	"EEGChannelCount": 64,
	"EEGReference": "REF",
	"EMGChannelCount": 0,
	"EOGChannelCount": 0,
	"InstitutionAddress": "Strasse des 17. Juni 135, 10623, Berlin, Germany",
	"InstitutionName": "Technische Universitaet zu Berlin",
	"InstitutionalDepartmentName": "Biological Psychology and Neuroergonomics",
	"ManufacturersModelName": "BrainProducts BrainAmp",
	"MiscChannelCount": 0,
	"PowerLineFrequency": 50,
	"RecordingDuration": 516.0664318,
	"SamplingFrequency": 500,
	"SoftwareFilters": "n/a",
	"TaskDescription": "Mismatch Negativity paradigm in which participants equipped with VR HMD and 64 Channel EEG reached to touch virtual objects",
	"TaskName": "PredError",
	"TriggerChannelCount": 0
}
